PATH
  remote: .
  specs:
    health_cards (0.0.1)

GEM
  remote: https://rubygems.org/
  specs:
    ast (2.4.1)
    concurrent-ruby (1.1.7)
    hamster (3.0.0)
      concurrent-ruby (~> 1.0)
    jose (1.1.3)
      hamster
    json-canonicalization (0.2.0)
    minitest (5.14.2)
    multicodecs (0.2.1)
    multihashes (0.2.0)
      multicodecs (>= 0.2.0, < 1)
    parallel (1.20.1)
    parser (2.7.2.0)
      ast (~> 2.4.1)
    rainbow (3.0.0)
    rake (13.0.3)
    regexp_parser (2.0.1)
    rexml (3.2.4)
    rubocop (1.6.1)
      parallel (~> 1.10)
      parser (>= 2.7.1.5)
      rainbow (>= 2.2.2, < 4.0)
      regexp_parser (>= 1.8, < 3.0)
      rexml
      rubocop-ast (>= 1.2.0, < 2.0)
      ruby-progressbar (~> 1.7)
      unicode-display_width (>= 1.4.0, < 2.0)
    rubocop-ast (1.3.0)
      parser (>= 2.7.1.5)
    rubocop-minitest (0.10.1)
      rubocop (>= 0.87)
    rubocop-rake (0.5.1)
      rubocop
    ruby-progressbar (1.10.1)
    unicode-display_width (1.7.0)

PLATFORMS
  x86_64-darwin-18

DEPENDENCIES
  health_cards!
  jose
  json-canonicalization (~> 0.2.0)
  minitest (~> 5.14)
  multihashes
  rake (~> 13.0)
  rubocop (~> 1.5)
  rubocop-minitest (~> 0.10.1)
  rubocop-rake (~> 0.5.1)

BUNDLED WITH
   2.2.2
