PATH
  remote: .
  specs:
    health_cards (0.0.1)

GEM
  remote: https://rubygems.org/
  specs:
    ast (2.4.2)
    json (2.5.1)
    minitest (5.14.4)
    multi_json (1.15.0)
    nio4r (2.5.7)
    parallel (1.20.1)
    parser (3.0.0.0)
      ast (~> 2.4.1)
    puma (5.2.2)
      nio4r (~> 2.0)
    rack (1.6.13)
    rack-protection (1.5.5)
      rack
    rainbow (3.0.0)
    rake (13.0.3)
    regexp_parser (2.1.1)
    rexml (3.2.4)
    rubocop (1.11.0)
      parallel (~> 1.10)
      parser (>= 3.0.0.0)
      rainbow (>= 2.2.2, < 4.0)
      regexp_parser (>= 1.8, < 3.0)
      rexml
      rubocop-ast (>= 1.2.0, < 2.0)
      ruby-progressbar (~> 1.7)
      unicode-display_width (>= 1.4.0, < 3.0)
    rubocop-ast (1.4.1)
      parser (>= 2.7.1.5)
    rubocop-minitest (0.10.3)
      rubocop (>= 0.87, < 2.0)
    rubocop-rake (0.5.1)
      rubocop
    ruby-progressbar (1.11.0)
    sinatra (1.4.8)
      rack (~> 1.5)
      rack-protection (~> 1.4)
      tilt (>= 1.3, < 3)
    sinatra-json (0.1.0)
      multi_json (~> 1.0)
      sinatra (~> 1.0)
    tilt (2.0.10)
    unicode-display_width (2.0.0)

PLATFORMS
  ruby

DEPENDENCIES
  health_cards!
  json
  minitest (~> 5.14)
  puma
  rake (~> 13.0)
  rubocop (~> 1.5)
  rubocop-minitest (~> 0.10.1)
  rubocop-rake (~> 0.5.1)
  sinatra
  sinatra-json

BUNDLED WITH
   2.1.4
