PATH
  remote: ..
  specs:
    health_cards (1.0.0)
      fhir_models (>= 4.0.0)
      rqrcode
      rqrcode_core (>= 1.2.0)

GEM
  remote: https://rubygems.org/
  specs:
    bcp47 (0.3.3)
      i18n
    chunky_png (1.4.0)
    concurrent-ruby (1.1.9)
    date_time_precision (0.8.1)
    fhir_models (4.2.1)
      bcp47 (>= 0.3)
      date_time_precision (>= 0.8)
      mime-types (>= 3.0)
      nokogiri (>= 1.11.4)
    i18n (1.8.11)
      concurrent-ruby (~> 1.0)
    mime-types (3.4.1)
      mime-types-data (~> 3.2015)
    mime-types-data (3.2021.1115)
    nokogiri (1.12.5-x86_64-darwin)
      racc (~> 1.4)
    racc (1.6.0)
    rqrcode (2.1.0)
      chunky_png (~> 1.0)
      rqrcode_core (~> 1.0)
    rqrcode_core (1.2.0)

PLATFORMS
  x86_64-darwin-19
  x86_64-darwin-20

DEPENDENCIES
  health_cards!

RUBY VERSION
   ruby 2.7.4p191

BUNDLED WITH
   2.2.28
