PATH
  remote: ..
  specs:
    health_cards (0.0.1)
      fhir_models
      json-minify
      rqrcode

GEM
  remote: https://rubygems.org/
  specs:
    bcp47 (0.3.3)
      i18n
    chunky_png (1.4.0)
    concurrent-ruby (1.1.8)
    date_time_precision (0.8.1)
    fhir_models (4.1.1)
      bcp47 (>= 0.3)
      date_time_precision (>= 0.8)
      mime-types (>= 3.0)
      nokogiri (>= 1.10.4)
    i18n (1.8.9)
      concurrent-ruby (~> 1.0)
    json (2.5.1)
    json-minify (0.0.3)
      json (> 0)
    mime-types (3.3.1)
      mime-types-data (~> 3.2015)
    mime-types-data (3.2021.0225)
    nokogiri (1.11.2-x86_64-darwin)
      racc (~> 1.4)
    racc (1.5.2)
    rqrcode (2.0.0)
      chunky_png (~> 1.0)
      rqrcode_core (~> 1.0)
    rqrcode_core (1.0.0)

PLATFORMS
  x86_64-darwin-19

DEPENDENCIES
  health_cards!

RUBY VERSION
   ruby 2.7.2p137

BUNDLED WITH
   2.2.15
