PATH
  remote: ../lib
  specs:
    health_cards (0.0.1)

GEM
  remote: https://rubygems.org/
  specs:
    byebug (11.1.3)

PLATFORMS
  x86_64-darwin-19

DEPENDENCIES
  byebug
  health_cards!

RUBY VERSION
   ruby 2.7.2p137

BUNDLED WITH
   2.2.15
