PATH
  remote: ..
  specs:
    health_cards (1.1.0)
      fhir_models (>= 4.2.2)
      rqrcode
      rqrcode_core (>= 1.2.0)

GEM
  remote: https://rubygems.org/
  specs:
    bcp47 (0.3.3)
      i18n
    chunky_png (1.4.0)
    concurrent-ruby (1.1.10)
    date_time_precision (0.8.1)
    fhir_models (4.2.2)
      bcp47 (>= 0.3)
      date_time_precision (>= 0.8)
      mime-types (>= 3.0)
      nokogiri (>= 1.11.4)
    i18n (1.12.0)
      concurrent-ruby (~> 1.0)
    mime-types (3.4.1)
      mime-types-data (~> 3.2015)
    mime-types-data (3.2022.0105)
    nokogiri (1.13.10-x86_64-linux)
      racc (~> 1.4)
    racc (1.6.2)
    rqrcode (2.1.2)
      chunky_png (~> 1.0)
      rqrcode_core (~> 1.0)
    rqrcode_core (1.2.0)

PLATFORMS
  x86_64-linux

DEPENDENCIES
  health_cards!

RUBY VERSION
   ruby 3.0.5p211

BUNDLED WITH
   2.4.2
